GEM
  remote: https://rubygems.org/
  specs:
    coderay (1.1.0)
    diff-lcs (1.2.5)
    distribution (0.7.3)
    hashie (3.4.3)
    json (1.8.2)
    jsonpath (0.5.7)
      multi_json
    method_source (0.8.2)
    multi_json (1.11.2)
    pg (0.18.2)
    pg_query (0.5.0)
      json (~> 1.8)
    pry (0.10.3)
      coderay (~> 1.1.0)
      method_source (~> 0.8.1)
      slop (~> 3.4)
    rspec (3.3.0)
      rspec-core (~> 3.3.0)
      rspec-expectations (~> 3.3.0)
      rspec-mocks (~> 3.3.0)
    rspec-core (3.3.2)
      rspec-support (~> 3.3.0)
    rspec-expectations (3.3.1)
      diff-lcs (>= 1.2.0, < 2.0)
      rspec-support (~> 3.3.0)
    rspec-mocks (3.3.2)
      diff-lcs (>= 1.2.0, < 2.0)
      rspec-support (~> 3.3.0)
    rspec-support (3.3.0)
    slop (3.6.0)
    trollop (2.1.1)

PLATFORMS
  ruby

DEPENDENCIES
  distribution
  hashie
  jsonpath
  pg
  pg_query
  pry
  rspec
  trollop

BUNDLED WITH
   1.11.2
